NUGET
  remote: https://nuget.org/api/v2
  specs:
    FAKE (3.29.2)
    FSharp.Compiler.Service (0.0.89)
    FSharp.Core (4.0.0.1)
    FSharp.Data (2.2.5)
      Zlib.Portable (>= 1.10.0) - framework: portable-net40+sl50+wp80+win80
    FsPickler (1.0.19)
    Suave (0.26.2)
      FSharp.Core (>= 3.1.2.1)
      FsPickler (>= 1.0.7)
    Zlib.Portable (1.10.0) - framework: portable-net40+sl50+wp80+win80
